GEM
  remote: https://rubygems.org/
  specs:
    ansi (1.5.0)
    builder (3.2.4)
    coderay (1.1.3)
    ffi (1.13.1)
    method_source (1.0.0)
    minitest (5.14.1)
    minitest-reporters (1.4.2)
      ansi
      builder
      minitest (>= 5.0)
      ruby-progressbar
    minitest-skip (0.0.1)
      minitest (~> 5.0)
    minitest-spec (0.0.2.1)
      minitest (>= 3.0)
    pry (0.13.1)
      coderay (~> 1.1)
      method_source (~> 1.0)
    pry-reload (0.1)
      rb-inotify (~> 0.9.7)
    rake (13.0.1)
    rb-inotify (0.9.10)
      ffi (>= 0.5.0, < 2)
    ruby-progressbar (1.10.1)

PLATFORMS
  ruby

DEPENDENCIES
  minitest
  minitest-reporters
  minitest-skip
  minitest-spec
  pry
  pry-reload
  rake

BUNDLED WITH
   2.1.4
